GEM
  remote: http://rubygems.org/
  specs:
    autoprefixer-rails (6.1.0.1)
      execjs
      json
    bootstrap-sass (3.3.7)
      autoprefixer-rails (>= 5.2.1)
      sass (>= 3.3.4)
    execjs (2.6.0)
    json (1.8.3)
    mustermann (1.0.0)
    passenger (5.1.5)
      rack
      rake (>= 0.8.1)
    rack (2.0.3)
    rack-protection (2.0.0)
      rack
    rake (12.0.0)
    sass (3.4.24)
    sinatra (2.0.0)
      mustermann (~> 1.0)
      rack (~> 2.0)
      rack-protection (= 2.0.0)
      tilt (~> 2.0)
    tilt (2.0.1)

PLATFORMS
  ruby

DEPENDENCIES
  bootstrap-sass
  passenger (>= 5.0.25)
  sinatra

BUNDLED WITH
   1.10.6
